GEM
  remote: https://rubygems.org/
  specs:
    PriorityQueue (0.1.2)
    addressable (2.3.5)
    coderay (1.0.9)
    cookiejar (0.3.0)
    diff-lcs (1.2.4)
    em-http-request (1.0.3)
      addressable (>= 2.2.3)
      cookiejar
      em-socksify
      eventmachine (>= 1.0.0.beta.4)
      http_parser.rb (>= 0.5.3)
    em-socksify (0.3.0)
      eventmachine (>= 1.0.0.beta.4)
    em-synchrony (1.0.3)
      eventmachine (>= 1.0.0.beta.1)
    eventmachine (1.0.0)
    ffi (1.9.0)
    ffi-compiler (0.1.3)
      ffi (>= 1.0.0)
      rake
    formatador (0.2.4)
    guard (1.8.3)
      formatador (>= 0.2.4)
      listen (~> 1.3)
      lumberjack (>= 1.0.2)
      pry (>= 0.9.10)
      thor (>= 0.14.6)
    guard-rspec (3.1.0)
      guard (>= 1.8)
      rspec (~> 2.13)
    hotwater (0.1.2)
      ffi
      ffi-compiler
      rake
    http_parser.rb (0.5.3)
    listen (1.3.1)
      rb-fsevent (>= 0.9.3)
      rb-inotify (>= 0.9)
      rb-kqueue (>= 0.2)
    lrucache (0.1.4)
      PriorityQueue (~> 0.1.2)
    lumberjack (1.0.4)
    method_source (0.8.2)
    mini_portile (0.5.1)
    nokogiri (1.6.0)
      mini_portile (~> 0.5.0)
    pry (0.9.12.2)
      coderay (~> 1.0.5)
      method_source (~> 0.8)
      slop (~> 3.4)
    rake (10.1.0)
    rb-fsevent (0.9.3)
    rb-inotify (0.9.2)
      ffi (>= 0.5.0)
    rb-kqueue (0.2.0)
      ffi (>= 0.5.0)
    rspec (2.14.1)
      rspec-core (~> 2.14.0)
      rspec-expectations (~> 2.14.0)
      rspec-mocks (~> 2.14.0)
    rspec-core (2.14.5)
    rspec-expectations (2.14.3)
      diff-lcs (>= 1.1.3, < 2.0)
    rspec-mocks (2.14.3)
    slop (3.4.6)
    sqlite3 (1.3.8)
    thor (0.18.1)

PLATFORMS
  ruby

DEPENDENCIES
  addressable
  em-http-request (~> 1.0.3)
  em-synchrony (~> 1.0.2)
  eventmachine (= 1.0.0)
  guard-rspec
  hotwater
  lrucache
  nokogiri
  rspec
  sqlite3
